GEM
  remote: http://gemcutter.org/
  specs:
    abstract (1.0.0)
    actionmailer (3.0.0.beta)
      actionpack (= 3.0.0.beta)
      mail (~> 2.1.2)
      text-format (~> 1.0.0)
    actionpack (3.0.0.beta)
      activemodel (= 3.0.0.beta)
      activesupport (= 3.0.0.beta)
      erubis (~> 2.6.5)
      rack (~> 1.1.0)
      rack-mount (~> 0.4.0)
      rack-test (~> 0.5.0)
    activemodel (3.0.0.beta)
      activesupport (= 3.0.0.beta)
    activerecord (3.0.0.beta)
      activemodel (= 3.0.0.beta)
      activesupport (= 3.0.0.beta)
      arel (~> 0.2.0)
    activeresource (3.0.0.beta)
      activemodel (= 3.0.0.beta)
      activesupport (= 3.0.0.beta)
    activesupport (3.0.0.beta)
      builder (~> 2.1.2)
      i18n (~> 0.3.0)
      memcache-client (~> 1.7.5)
      tzinfo (~> 0.3.16)
    arel (0.2.1)
      activesupport (>= 3.0.0.beta)
    builder (2.1.2)
    capybara (1.1.2)
      mime-types (>= 1.16)
      nokogiri (>= 1.3.3)
      rack (>= 1.0.0)
      rack-test (>= 0.5.4)
      selenium-webdriver (~> 2.0)
      xpath (~> 0.1.4)
    capybara-webkit (0.7.2)
      capybara (>= 1.0.0, < 1.2)
    childprocess (0.2.3)
      ffi (~> 1.0.6)
    erubis (2.6.6)
      abstract (>= 1.0.0)
    ffi (1.0.11)
    i18n (0.3.7)
    json (1.6.1)
    mail (2.1.5.3)
      activesupport (>= 2.3.4)
      mime-types
      treetop (>= 1.4.5)
    memcache-client (1.7.8)
    mime-types (1.17.2)
    multi_json (1.0.4)
    nokogiri (1.5.0)
    polyglot (0.3.3)
    rack (1.1.2)
    rack-mount (0.4.7)
      rack (>= 1.0.0)
    rack-test (0.5.7)
      rack (>= 1.0)
    rails (3.0.0.beta)
      actionmailer (= 3.0.0.beta)
      actionpack (= 3.0.0.beta)
      activerecord (= 3.0.0.beta)
      activeresource (= 3.0.0.beta)
      activesupport (= 3.0.0.beta)
      bundler (>= 0.9.2)
      railties (= 3.0.0.beta)
    railties (3.0.0.beta)
      actionpack (= 3.0.0.beta)
      activesupport (= 3.0.0.beta)
      rake (>= 0.8.3)
      thor (~> 0.13)
    rake (0.9.2.2)
    rubyzip (0.9.5)
    selenium-webdriver (2.15.0)
      childprocess (>= 0.2.1)
      ffi (~> 1.0.9)
      multi_json (~> 1.0.4)
      rubyzip
    sqlite3 (1.3.5)
    sqlite3-ruby (1.3.3)
      sqlite3 (>= 1.3.3)
    text-format (1.0.0)
      text-hyphen (~> 1.0.0)
    text-hyphen (1.0.2)
    thor (0.14.6)
    treetop (1.4.10)
      polyglot
      polyglot (>= 0.3.1)
    tzinfo (0.3.31)
    xpath (0.1.4)
      nokogiri (~> 1.3)

PLATFORMS
  ruby

DEPENDENCIES
  capybara
  capybara-webkit
  json
  rails (= 3.0.0.beta)
  sqlite3-ruby
